PATH
  remote: .
  specs:
    fuse_link_fs (0.0.3)
      activesupport (~> 6.0)
      ffi-libfuse
      logger
      socksify
      zeitwerk

GEM
  remote: https://rubygems.org/
  specs:
    activesupport (6.1.7.10)
      concurrent-ruby (~> 1.0, >= 1.0.2)
      i18n (>= 1.6, < 2)
      minitest (>= 5.1)
      tzinfo (~> 2.0)
      zeitwerk (~> 2.3)
    byebug (12.0.0)
    concurrent-ruby (1.3.5)
    diff-lcs (1.6.2)
    ffi (1.17.2)
    ffi (1.17.2-x86_64-linux-gnu)
    ffi-libfuse (0.4.4)
      ffi (~> 1)
    i18n (1.14.7)
      concurrent-ruby (~> 1.0)
    logger (1.7.0)
    minitest (5.25.5)
    rspec (3.13.1)
      rspec-core (~> 3.13.0)
      rspec-expectations (~> 3.13.0)
      rspec-mocks (~> 3.13.0)
    rspec-core (3.13.5)
      rspec-support (~> 3.13.0)
    rspec-expectations (3.13.5)
      diff-lcs (>= 1.2.0, < 2.0)
      rspec-support (~> 3.13.0)
    rspec-mocks (3.13.5)
      diff-lcs (>= 1.2.0, < 2.0)
      rspec-support (~> 3.13.0)
    rspec-support (3.13.5)
    rspec_junit_formatter (0.6.0)
      rspec-core (>= 2, < 4, != 2.12.0)
    socksify (1.8.1)
    tzinfo (2.0.6)
      concurrent-ruby (~> 1.0)
    zeitwerk (2.7.3)

PLATFORMS
  ruby
  x86_64-linux

DEPENDENCIES
  byebug
  fuse_link_fs!
  rspec (~> 3.0)
  rspec_junit_formatter

BUNDLED WITH
   2.6.2
